GIT
  remote: git://github.com/libgit2/rugged.git
  revision: 4d676f6825a725e0ea672c49e3afeb5029181af2
  submodules: true
  specs:
    rugged (0.22.0b3)

GIT
  remote: git://github.com/niku/rack-git.git
  revision: e06902c573201c1860ac46f2822ab4bbd7837639
  specs:
    rack-git (0.0.2)
      rack
      rugged

PATH
  remote: .
  specs:
    nwiki (0.2.8)
      org-ruby
      rack
      rack-git
      rack-rewrite

GEM
  remote: https://rubygems.org/
  specs:
    coveralls (0.7.11)
      multi_json (~> 1.10)
      rest-client (>= 1.6.8, < 2)
      simplecov (~> 0.9.1)
      term-ansicolor (~> 1.3)
      thor (~> 0.19.1)
    diff-lcs (1.2.5)
    docile (1.1.5)
    mime-types (2.4.3)
    multi_json (1.11.0)
    netrc (0.10.3)
    org-ruby (0.9.12)
      rubypants (~> 0.2)
    rack (1.6.0)
    rack-rewrite (1.5.1)
    rack-test (0.6.3)
      rack (>= 1.0)
    rake (10.4.2)
    rest-client (1.7.3)
      mime-types (>= 1.16, < 3.0)
      netrc (~> 0.7)
    rspec (3.2.0)
      rspec-core (~> 3.2.0)
      rspec-expectations (~> 3.2.0)
      rspec-mocks (~> 3.2.0)
    rspec-core (3.2.1)
      rspec-support (~> 3.2.0)
    rspec-expectations (3.2.0)
      diff-lcs (>= 1.2.0, < 2.0)
      rspec-support (~> 3.2.0)
    rspec-mocks (3.2.1)
      diff-lcs (>= 1.2.0, < 2.0)
      rspec-support (~> 3.2.0)
    rspec-support (3.2.2)
    rubypants (0.2.0)
    simplecov (0.9.2)
      docile (~> 1.1.0)
      multi_json (~> 1.0)
      simplecov-html (~> 0.9.0)
    simplecov-html (0.9.0)
    term-ansicolor (1.3.0)
      tins (~> 1.0)
    thor (0.19.1)
    tins (1.3.5)

PLATFORMS
  ruby

DEPENDENCIES
  coveralls
  nwiki!
  rack-git!
  rack-test
  rake
  rspec
  rugged!
